GEM
  remote: https://rubygems.org/
  specs:
    breakpoint (2.0.5)
      compass (>= 0.12.1)
      sass (>= 3.2.0)
    chunky_png (1.2.8)
    color-schemer (0.2.5)
      compass (~> 0.12)
      compass-blend-modes (~> 0.0.2)
    compass (0.12.2)
      chunky_png (~> 1.2)
      fssm (>= 0.2.7)
      sass (~> 3.1)
    compass-blend-modes (0.0.2)
      compass
    fssm (0.2.10)
    modular-scale (1.0.6)
      compass (>= 0.12.1)
      sass (>= 3.2.0)
      sassy-math (>= 1.5)
    rb-fsevent (0.9.3)
    sass (3.2.9)
    sassy-math (1.5)
      compass (~> 0.11)
    sassy-strings (0.3.1)
      compass (>= 0.12.2)
    singularity-extras (0.0.3)
      modular-scale (>= 1.0.6)
      sassy-math (>= 1.5)
      singularitygs (>= 0.0.1)
    singularitygs (1.0.8)
      breakpoint (>= 2.0.1)
      compass (>= 0.12.2)
      sass (>= 3.2.1)
    survivalkit (1.0.beta.15)
      breakpoint (>= 1.2)
      color-schemer (>= 0.1)
      compass (>= 0.12.2)
      modular-scale (>= 1.0)
      singularitygs (>= 0.0.17)
      susy (>= 1.0)
    susy (1.0.9)
      compass (>= 0.12.2)
      sass (>= 3.2.0)
    toolkit (1.3.2)
      breakpoint (>= 2.0.2)
      color-schemer (>= 0.2.3)
      compass (>= 0.12.2)
      sassy-strings (>= 0.1)
      singularitygs (>= 1.0.7)

PLATFORMS
  ruby

DEPENDENCIES
  compass (= 0.12.2)
  rb-fsevent (~> 0.9)
  singularity-extras (< 1.0.0)
  survivalkit (~> 1.0.beta.15)
  toolkit (< 2.0.0)
